GEM
  remote: https://rubygems.org/
  specs:
    minitest (5.10.2)
    rake (12.3.3)

PLATFORMS
  ruby

DEPENDENCIES
  minitest (~> 5.10.2)
  rake

BUNDLED WITH
   1.14.6
